NUGET
  remote: https://www.nuget.org/api/v2
    Argu (3.2)
    FSharp.Core (4.0.0.1)
    FsUnit (2.3.1)
      FSharp.Core (>= 3.1.2.5)
      NUnit (3.4.1)
    NUnit (3.4.1)
    SharpYaml (1.5.3)
    SmartFormat.NET (1.6.1)
